PATH
  remote: .
  specs:
    cooklang_rb (0.2.0)

GEM
  remote: https://rubygems.org/
  specs:
    minitest (5.15.0)
    rake (13.0.6)

PLATFORMS
  x86_64-darwin-20

DEPENDENCIES
  cooklang_rb!
  minitest (~> 5.0)
  rake (~> 13.0)

BUNDLED WITH
   2.2.3
